GEM
  remote: https://rubygems.org/
  specs:
    cuba (3.4.0)
      rack
    rack (1.6.1)
    rack-protection (1.5.3)
      rack

PLATFORMS
  ruby

DEPENDENCIES
  cuba
  rack-protection
